PATH
  remote: .
  specs:
    tilia (0.0.1)

GEM
  remote: https://rubygems.org/
  specs:
    coderay (1.1.0)
    ffi (1.9.10-java)
    json (1.8.3-java)
    method_source (0.8.2)
    minitest (5.7.0)
    pry (0.10.1-java)
      coderay (~> 1.1.0)
      method_source (~> 0.8.1)
      slop (~> 3.4)
      spoon (~> 0.0)
    rake (10.4.2)
    rake-compiler (0.9.5)
      rake
    rdoc (4.2.0)
      json (~> 1.4)
    slop (3.6.0)
    spoon (0.0.4)
      ffi

PLATFORMS
  java

DEPENDENCIES
  minitest (~> 5.5)
  pry
  rake-compiler (~> 0.9)
  rdoc (~> 4.2)
  tilia!

BUNDLED WITH
   1.10.6
